GEM
  remote: https://rubygems.org/
  specs:
    couchrest (1.2.0)
      mime-types (~> 1.15)
      multi_json (~> 1.0)
      rest-client (~> 1.6.1)
    daemons (1.1.9)
    eventmachine (1.0.3)
    gabba (1.0.1)
    json (1.8.1)
    mime-types (1.25.1)
    multi_json (1.10.1)
    newrelic_rpm (3.8.1.221)
    rack (1.5.2)
    rack-protection (1.5.3)
      rack
    rest-client (1.6.7)
      mime-types (>= 1.16)
    sinatra (1.4.5)
      rack (~> 1.4)
      rack-protection (~> 1.4)
      tilt (~> 1.3, >= 1.3.4)
    thin (1.6.2)
      daemons (>= 1.0.9)
      eventmachine (>= 1.0.0)
      rack (>= 1.0.0)
    tilt (1.4.1)

PLATFORMS
  ruby

DEPENDENCIES
  couchrest
  gabba
  json
  newrelic_rpm
  sinatra
  thin
