GEM
  remote: https://rubygems.org/
  specs:
    couchrest (1.0.2)
      json (~> 1.5.1)
      mime-types (~> 1.15)
      rest-client (~> 1.6.1)
    daemons (1.1.9)
    eventmachine (1.0.3)
    gabba (0.1.1)
    json (1.5.1)
    mime-types (1.16)
    newrelic_rpm (3.0.1)
    rack (1.3.0)
    rest-client (1.6.1)
      mime-types (>= 1.16)
    sinatra (1.2.6)
      rack (~> 1.1)
      tilt (>= 1.2.2, < 2.0)
    thin (1.6.2)
      daemons (>= 1.0.9)
      eventmachine (>= 1.0.0)
      rack (>= 1.0.0)
    tilt (1.3.2)

PLATFORMS
  ruby

DEPENDENCIES
  couchrest
  gabba
  json
  newrelic_rpm
  sinatra
  thin
